PATH
  remote: .
  specs:
    assemblotron (0.0.2)
      RubyInline (~> 3.12)
      biopsy (= 0.2.0)
      rake (~> 10.3)
      transrate (= 1.0.0.beta3)
      trollop (~> 2.0)
      yell (~> 2.0, >= 2.0.4)

GEM
  remote: https://rubygems.org/
  specs:
    RubyInline (3.12.4)
      ZenTest (~> 4.3)
    ZenTest (4.11.0)
    ansi (1.4.3)
    awesome_print (1.6.1)
    bindeps (1.1.2)
      fixwhich (~> 1.0, >= 1.0.2)
    bio (1.4.3.0001)
    biopsy (0.2.0)
      rake (~> 10.1)
      rubystats
      statsample
      threach
    clbustos-rtf (0.4.2)
    coveralls (0.6.9)
      multi_json (~> 1.3)
      rest-client
      simplecov (>= 0.7)
      term-ansicolor
      thor
    crb-blast (0.5.0)
      bindeps (~> 1.0, >= 1.0.1)
      bio (~> 1.4, >= 1.4.3)
      fixwhich (~> 1.0, >= 1.0.2)
      threach (~> 0.2, >= 0.2.0)
      trollop (~> 2.0)
    dirty-memoize (0.0.4)
    distribution (0.7.2)
    docile (1.1.3)
    extendmatrix (0.3.1)
    facade (1.0.6)
    fix-trinity-output (1.0.0)
      trollop (~> 2.0)
    fixwhich (1.0.2)
      pathname2 (~> 1.4, >= 1.4.4)
    mime-types (2.2)
    minimization (0.2.3)
      text-table (~> 1.2)
    minitest (4.7.5)
    multi_json (1.9.3)
    pathname2 (1.7.3)
      facade
    prawn (0.8.4)
      prawn-core (>= 0.8.4, < 0.9)
      prawn-layout (>= 0.8.4, < 0.9)
      prawn-security (>= 0.8.4, < 0.9)
    prawn-core (0.8.4)
    prawn-layout (0.8.4)
    prawn-security (0.8.4)
    prawn-svg (0.9.1.11)
      prawn (>= 0.8.4)
    rake (10.4.2)
    reportbuilder (1.4.2)
      clbustos-rtf (~> 0.4.0)
      prawn (~> 0.8.4)
      prawn-svg (~> 0.9.1)
      text-table (~> 1.2)
    rest-client (1.6.7)
      mime-types (>= 1.16)
    rserve-client (0.3.1)
    ruby-ole (1.2.11.8)
    rubystats (0.2.3)
    rubyvis (0.5.2)
    shoulda-context (1.2.1)
    simplecov (0.8.2)
      docile (~> 1.1.0)
      multi_json
      simplecov-html (~> 0.8.0)
    simplecov-html (0.8.0)
    spreadsheet (0.6.9)
      ruby-ole (>= 1.0)
    statsample (1.4.3)
      awesome_print (~> 1.6)
      dirty-memoize (~> 0.0.4)
      distribution (~> 0.7)
      extendmatrix (~> 0.3)
      minimization (~> 0.2)
      reportbuilder (~> 1.4)
      rserve-client (~> 0.3)
      rubyvis (~> 0.5.0)
      spreadsheet (~> 0.6.5)
    term-ansicolor (1.3.0)
      tins (~> 1.0)
    text-table (1.2.4)
    thor (0.19.1)
    threach (0.2.0)
    tins (1.1.0)
    transrate (1.0.0.beta3)
      bindeps (~> 1.1, >= 1.1.2)
      bio (~> 1.4, >= 1.4.3)
      crb-blast (~> 0.5, >= 0.5.0)
      fix-trinity-output (~> 1.0, >= 1.0)
      trollop (~> 2.0, >= 2.0.0)
      yell (~> 2.0, >= 2.0.4)
    trollop (2.1.2)
    turn (0.9.7)
      ansi
      minitest (~> 4)
    yell (2.0.5)

PLATFORMS
  ruby

DEPENDENCIES
  assemblotron!
  coveralls (~> 0.6.7)
  minitest
  shoulda-context
  simplecov
  turn
