PATH
  remote: .
  specs:
    assemblotron (0.0.2)
      RubyInline (~> 3.12)
      bindeps (~> 1.2, = 1.2.0)
      biopsy (= 0.2.1)
      chronic_duration (~> 0.10.6, >= 0.10.6)
      fixwhich (~> 1.0, >= 1.0.2)
      transfuse (~> 0.1.4)
      transrate (= 1.0.0)
      trollop (~> 2.0)
      yell (~> 2.0, >= 2.0.4)

GEM
  remote: https://rubygems.org/
  specs:
    RubyInline (3.12.4)
      ZenTest (~> 4.3)
    ZenTest (4.11.0)
    ansi (1.5.0)
    awesome_print (1.6.1)
    bindeps (1.2.0)
      fixwhich (~> 1.0, >= 1.0.2)
    bio (1.4.3.0001)
    biopsy (0.2.1)
      rake (~> 10.4, >= 10.4.2)
      rubystats (~> 0.2, >= 0.2.3)
      statsample (~> 1.4, >= 1.4.3)
      threach (~> 0.2)
    builder (3.2.2)
    chronic_duration (0.10.6)
      numerizer (~> 0.1.1)
    clbustos-rtf (0.4.2)
    colorize (0.7.7)
    coveralls (0.8.1)
      json (~> 1.8)
      rest-client (>= 1.6.8, < 2)
      simplecov (~> 0.10.0)
      term-ansicolor (~> 1.3)
      thor (~> 0.19.1)
    crb-blast (0.6.4)
      bindeps (~> 1.0, >= 1.0.3)
      bio (~> 1.4, >= 1.4.3)
      fixwhich (~> 1.0, >= 1.0.2)
      threach (~> 0.2, >= 0.2.0)
      trollop (~> 2.0)
    dirty-memoize (0.0.4)
    distribution (0.7.3)
    docile (1.1.5)
    domain_name (0.5.24)
      unf (>= 0.0.5, < 1.0.0)
    extendmatrix (0.4)
    facade (1.0.6)
    fix-trinity-output (1.0.0)
      trollop (~> 2.0)
    fixwhich (1.0.2)
      pathname2 (~> 1.4, >= 1.4.4)
    http-cookie (1.0.2)
      domain_name (~> 0.5)
    json (1.8.3)
    mime-types (2.6.1)
    minimization (0.2.3)
      text-table (~> 1.2)
    minitest (5.7.0)
    minitest-reporters (1.0.17)
      ansi
      builder
      minitest (>= 5.0)
      ruby-progressbar
    netrc (0.10.3)
    numerizer (0.1.1)
    pathname2 (1.7.3)
      facade
    prawn (0.8.4)
      prawn-core (>= 0.8.4, < 0.9)
      prawn-layout (>= 0.8.4, < 0.9)
      prawn-security (>= 0.8.4, < 0.9)
    prawn-core (0.8.4)
    prawn-layout (0.8.4)
    prawn-security (0.8.4)
    prawn-svg (0.9.1.11)
      prawn (>= 0.8.4)
    rake (10.4.2)
    reportbuilder (1.4.2)
      clbustos-rtf (~> 0.4.0)
      prawn (~> 0.8.4)
      prawn-svg (~> 0.9.1)
      text-table (~> 1.2)
    rest-client (1.8.0)
      http-cookie (>= 1.0.2, < 2.0)
      mime-types (>= 1.16, < 3.0)
      netrc (~> 0.7)
    rserve-client (0.3.1)
    ruby-ole (1.2.11.8)
    ruby-progressbar (1.7.5)
    rubystats (0.2.3)
    rubyvis (0.5.2)
    shoulda-context (1.2.1)
    simplecov (0.10.0)
      docile (~> 1.1.0)
      json (~> 1.8)
      simplecov-html (~> 0.10.0)
    simplecov-html (0.10.0)
    spreadsheet (0.6.9)
      ruby-ole (>= 1.0)
    statsample (1.5.0)
      awesome_print (~> 1.6)
      dirty-memoize (~> 0.0.4)
      distribution (~> 0.7)
      extendmatrix (~> 0.3)
      minimization (~> 0.2)
      reportbuilder (~> 1.4)
      rserve-client (~> 0.3)
      rubyvis (~> 0.5.0)
      spreadsheet (~> 0.6.5)
    term-ansicolor (1.3.0)
      tins (~> 1.0)
    text-table (1.2.4)
    thor (0.19.1)
    threach (0.2.0)
    tins (1.5.2)
    transfuse (0.1.4)
      bindeps (~> 1.0, >= 1.0.1)
      bio (~> 1.4, >= 1.4.3)
      fixwhich (~> 1.0, >= 1.0.2)
      transrate (~> 1.0, >= 1.0.0)
      trollop (~> 2.0)
    transrate (1.0.0)
      bindeps (~> 1.1, >= 1.1.2)
      bio (~> 1.4, >= 1.4.3)
      colorize (~> 0.7, >= 0.7.7)
      crb-blast (~> 0.6, >= 0.6.4)
      fix-trinity-output (~> 1.0, >= 1.0)
      trollop (~> 2.0, >= 2.0.0)
      yell (~> 2.0, >= 2.0.4)
    trollop (2.1.2)
    unf (0.1.4)
      unf_ext
    unf_ext (0.0.7.1)
    yell (2.0.5)

PLATFORMS
  ruby

DEPENDENCIES
  assemblotron!
  coveralls (~> 0.7, >= 0.7.2)
  minitest (~> 5.0)
  minitest-reporters (~> 1)
  rake (~> 10.3, >= 10.3.2)
  shoulda-context (~> 1.2, >= 1.2.1)
  simplecov (~> 0.8, >= 0.8.2)
