PATH
  remote: .
  specs:
    assemblotron (0.0.0)
      biopsy (= 0.1.5.alpha)
      rake (~> 10.1.0)
      transrate (= 0.0.1)
      trollop (~> 2.0)

GEM
  remote: https://rubygems.org/
  specs:
    ansi (1.4.3)
    bettersam (0.0.1.alpha)
    bio (1.4.3.0001)
    biopsy (0.1.5.alpha)
      rake (~> 10.1.0)
      rubystats
      statsample
      threach
    clbustos-rtf (0.4.2)
    coveralls (0.6.9)
      multi_json (~> 1.3)
      rest-client
      simplecov (>= 0.7)
      term-ansicolor
      thor
    dirty-memoize (0.0.4)
    distribution (0.7.0)
    extendmatrix (0.3.1)
    facade (1.0.5)
    fastercsv (1.5.5)
    mime-types (1.25)
    minimization (0.2.1)
      text-table (~> 1.2)
    multi_json (1.8.0)
    pathname2 (1.6.5)
      facade
    prawn (0.8.4)
      prawn-core (>= 0.8.4, < 0.9)
      prawn-layout (>= 0.8.4, < 0.9)
      prawn-security (>= 0.8.4, < 0.9)
    prawn-core (0.8.4)
    prawn-layout (0.8.4)
    prawn-security (0.8.4)
    prawn-svg (0.9.1.11)
      prawn (>= 0.8.4)
    rake (10.1.0)
    reportbuilder (1.4.2)
      clbustos-rtf (~> 0.4.0)
      prawn (~> 0.8.4)
      prawn-svg (~> 0.9.1)
      text-table (~> 1.2)
    rest-client (1.6.7)
      mime-types (>= 1.16)
    rserve-client (0.2.5)
    ruby-ole (1.2.11.7)
    rubystats (0.2.3)
    rubyvis (0.6.0)
    shoulda-context (1.1.5)
    simplecov (0.7.1)
      multi_json (~> 1.0)
      simplecov-html (~> 0.7.1)
    simplecov-html (0.7.1)
    spreadsheet (0.6.9)
      ruby-ole (>= 1.0)
    statsample (1.2.0)
      dirty-memoize (~> 0.0)
      distribution (~> 0.6)
      extendmatrix (~> 0.3.1)
      fastercsv (> 0)
      minimization (~> 0.2.0)
      reportbuilder (~> 1.4)
      rserve-client (~> 0.2.5)
      rubyvis (~> 0.5)
      spreadsheet (~> 0.6.5)
      statsample-bivariate-extension (> 0)
    statsample-bivariate-extension (1.1.0)
      distribution (~> 0.6)
    term-ansicolor (1.2.2)
      tins (~> 0.8)
    text-table (1.2.3)
    thor (0.18.1)
    threach (0.2.0)
    tins (0.9.0)
    transrate (0.0.1)
      bettersam (~> 0.0.1.alpha)
      bio
      rake (~> 10.1.0)
      trollop (~> 2.0)
      which
    trollop (2.0)
    turn (0.9.6)
      ansi
    which (0.0.2)
      pathname2 (>= 1.4.4)

PLATFORMS
  ruby

DEPENDENCIES
  assemblotron!
  coveralls (~> 0.6.7)
  shoulda-context
  simplecov
  turn
